{
    "Specific Character Set": "ISO_IR 100",
    "Image Type": [
        "ORIGINAL",
        "PRIMARY"
    ],
    "Instance Creation Date": "20231107",
    "Instance Creation Time": "150733.402000",
    "SOP Class UID": "1.3.12.2.1107.5.9.1",
    "SOP Instance UID": "2.25.81288824345461548491798531962632693892",
    "Study Date": "20231107",
    "Series Date": "20231107",
    "Acquisition Date": "20231107",
    "Study Time": "143814.680000",
    "Series Time": "150733.401000",
    "Acquisition Time": "150244.567500",
    "Accession Number": "2.25.267199731863442784458127363505202186508",
    "Modality": "MR",
    "Manufacturer": "SIEMENS",
    "Study Description": "MRI Head",
    "Series Description": "ACC_svs_noECC",
    "Performing Physician's Name": "Synaptic_Connectivity",
    "Manufacturer's Model Name": "Prisma",
    "Patient's Name": "102",
    "Patient ID": "102_V1",
    "Patient's Sex": "F",
    "Patient's Age": "035Y",
    "Patient's Size": 1.745,
    "Patient's Weight": 58.8,
    "De-identification Method": "RSU XNAT Migration Anonymisation",
    "Body Part Examined": "HEAD",
    "Device Serial Number": "166001",
    "Software Versions": "syngo MR E11",
    "Protocol Name": "ACC_svs",
    "Patient Position": "HFS",
    "Study Instance UID": "2.25.72962724519439009482339847196998518161",
    "Series Instance UID": "2.25.225710479691133311895262473222746471941",
    "Series Number": 17,
    "Acquisition Number": 1,
    "Instance Number": 1,
    "Frame of Reference UID": "2.25.309190371790606579282651929326769714327",
    "Private Creator": "SIEMENS CSA NON-IMAGE",
    "[Series Workflow Status]": "com",
    "Performed Procedure Step Start Date": "20231107",
    "Performed Procedure Step Start Time": "143814.840000",
    "Performed Procedure Step ID": "14897988",
    "Performed Procedure Step Description": "MRI Head",
    "Comments on the Performed Procedure Step": "",
    "ImageNumber": null,
    "ImageComments": null,
    "ReferencedImageSequence": [
        "1.2.840.10008.5.1.4.1.1.4",
        "1.3.12.2.1107.5.2.43.166001.2023110714473960358382054",
        "1.2.840.10008.5.1.4.1.1.4",
        "1.3.12.2.1107.5.2.43.166001.2023110714475417063904231",
        "1.2.840.10008.5.1.4.1.1.4",
        "1.3.12.2.1107.5.2.43.166001.2023110714475418764004274"
    ],
    "PatientOrientation": null,
    "ScanningSequence": [
        "RM",
        "",
        "",
        "",
        "",
        ""
    ],
    "SequenceName": "*svs_se",
    "RepetitionTime": 3000.0,
    "EchoTime": 30.0,
    "InversionTime": null,
    "NumberOfAverages": 96.0,
    "ImagingFrequency": 123.257015,
    "ImagedNucleus": "1H",
    "EchoNumbers": 1,
    "MagneticFieldStrength": 3.0,
    "NumberOfPhaseEncodingSteps": 1,
    "EchoTrainLength": null,
    "PercentSampling": 100.0,
    "PercentPhaseFieldOfView": 1.0,
    "TriggerTime": null,
    "ReceivingCoil": null,
    "TransmittingCoil": "Body",
    "AcquisitionMatrix": null,
    "PhaseEncodingDirection": null,
    "FlipAngle": 90.0,
    "VariableFlipAngleFlag": "N",
    "SAR": 0.01604421,
    "dBdt": 0.0,
    "SliceThickness": 20.0,
    "ImagePositionPatient": [
        7.50512215,
        -79.76196683,
        26.90149068
    ],
    "ImageOrientationPatient": [
        -0.9999631,
        -0.00066376,
        0.00854559,
        -0.00232492,
        0.98062465,
        -0.19588236
    ],
    "SliceLocation": 2.77798362,
    "EchoLinePosition": 0,
    "EchoColumnPosition": 0,
    "EchoPartitionPosition": 32,
    "Actual3DImaPartNumber": null,
    "RealDwellTime": 400000,
    "ProtocolSliceNumber": 0,
    "DataFile": null,
    "DataFileName": null,
    "ICE_Dims": null,
    "PixelSpacing": [
        20.0,
        20.0
    ],
    "SourceImageSequence": null,
    "PixelBandwidth": 1250.0,
    "SliceMeasurementDuration": 288000.0,
    "SequenceMask": 134217728,
    "AcquisitionMatrixText": "1*1",
    "MeasuredFourierLines": null,
    "CsiGridshiftVector": null,
    "MultistepIndex": 0,
    "SpectroscopyAcquisitionPhaseColumns": 1,
    "SpectroscopyAcquisitionPhaseRows": 1,
    "SpectroscopyAcquisitionOut-of-planePhaseSteps": 1,
    "SpectroscopyAcquisitionDataColumns": 2048,
    "DataPointRows": 1,
    "DataPointColumns": 2048,
    "DataRepresentation": "COMPLEX",
    "SignalDomainColumns": "TIME",
    "Columns": 1,
    "Rows": 1,
    "NumberOfFrames": 1,
    "MixingTime": 0.0,
    "k-spaceFiltering": "NONE",
    "HammingFilterWidth": 0.0,
    "TransmitterReferenceAmplitude": 216.215698,
    "ResonantNucleus": "1H",
    "VoiThickness": 20.0,
    "VoiPhaseFoV": 20.0,
    "VoiReadoutFoV": 20.0,
    "VoiOrientation": [
        0.00825,
        0.195895,
        0.98059
    ],
    "VoiPosition": [
        -2.517758,
        -69.962358,
        25.028123
    ],
    "VoiInPlaneRotation": -0.002325,
    "RSatThickness": null,
    "RSatOrientationSag": null,
    "RSatOrientationCor": null,
    "RSatOrientationTra": null,
    "RSatPositionSag": null,
    "RSatPositionCor": null,
    "RSatPositionTra": null,
    "SpacingBetweenSlices": null,
    "DataSetInfo": null,
    "ImaCoilString": "HC1-7;NC1,2",
    "BandwidthPerPixelPhaseEncode": null,
    "FrequencyCorrection": "NO",
    "WaterReferencedPhaseCorrection": null,
    "WaterReferencedImageUid": "1.3.12.2.1107.5.2.43.166001.202311071507336194185320",
    "UserDefinedRaw": null
}